{
	"Modality": "MR",
	"MagneticFieldStrength": 3,
	"ImagingFrequency": 127.764,
	"Manufacturer": "GE",
	"ManufacturersModelName": "DISCOVERY_MR750",
	"InstitutionName": "NCKU",
	"DeviceSerialNumber": "00000000GEMRGEMR",
	"StationName": "GEMRGEMR",
	"BodyPartExamined": "HEAD",
	"PatientPosition": "HFS",
	"SoftwareVersions": "27_LX_MR_Software_release:DV25.1_R01_1617.b",
	"MRAcquisitionType": "3D",
	"SeriesDescription": "Sag_FSPGR_BRAVO_ASSET",
	"ProtocolName": "Sag_FSPGR_BRAVO_ASSET",
	"ScanningSequence": "GR",
	"SequenceVariant": "SS_SK",
	"ScanOptions": "FAST_GEMS_EDR_GEMS_ACC_GEMS",
	"ImageType": ["ORIGINAL", "PRIMARY", "OTHER"],
	"SeriesNumber": 3,
	"AcquisitionTime": "13:00:28.000000",
	"AcquisitionNumber": 1,
	"SliceThickness": 1,
	"SpacingBetweenSlices": 1,
	"SAR": 0.226132,
	"EchoTime": 0.002936,
	"RepetitionTime": 0.007652,
	"InversionTime": 0.45,
	"FlipAngle": 12,
	"CoilString": "8HRBRAIN",
	"PercentPhaseFOV": 100,
	"AcquisitionMatrixPE": 224,
	"ReconMatrixPE": 256,
	"PixelBandwidth": 244.141,
	"ImageOrientationPatientDICOM": [
		0.0137725,
		0.9989,
		-0.0448158,
		0.00118416,
		-0.0448363,
		-0.998994	],
	"InPlanePhaseEncodingDirectionDICOM": "ROW",
	"ConversionSoftware": "dcm2niix",
	"ConversionSoftwareVersion": "v1.0.20181125  Clang8.1.0"
}
