{
	"Modality": "MR",
	"MagneticFieldStrength": 3,
	"ImagingFrequency": 127.764,
	"Manufacturer": "GE",
	"ManufacturersModelName": "DISCOVERY_MR750",
	"InstitutionName": "NCKU",
	"DeviceSerialNumber": "00000000GEMRGEMR",
	"StationName": "GEMRGEMR",
	"PatientPosition": "HFS",
	"SoftwareVersions": "24_LX_MR_Software_release:DV24.0_R01_1344.a",
	"MRAcquisitionType": "3D",
	"SeriesDescription": "Sag_FSPGR_BRAVO_ASSET",
	"ProtocolName": "Sag_FSPGR_BRAVO_ASSET",
	"ScanningSequence": "GR",
	"SequenceVariant": "SS_SK",
	"ScanOptions": "FAST_GEMS_EDR_GEMS_ACC_GEMS",
	"ImageType": ["ORIGINAL", "PRIMARY", "OTHER"],
	"SeriesNumber": 3,
	"AcquisitionTime": "12:04:57.000000",
	"AcquisitionNumber": 1,
	"SliceThickness": 1,
	"SpacingBetweenSlices": 1,
	"SAR": 0.213936,
	"EchoTime": 0.002944,
	"RepetitionTime": 0.007716,
	"InversionTime": 0.45,
	"FlipAngle": 12,
	"CoilString": "8HRBRAIN",
	"PercentPhaseFOV": 90,
	"PercentSampling": 100,
	"AcquisitionMatrixPE": 224,
	"ReconMatrixPE": 256,
	"PixelBandwidth": 244.141,
	"ImageOrientationPatientDICOM": [
		-0.00291112,
		0.989261,
		0.146133,
		0.0807454,
		0.145889,
		-0.986	],
	"InPlanePhaseEncodingDirectionDICOM": "ROW",
	"ConversionSoftware": "dcm2niix",
	"ConversionSoftwareVersion": "v1.0.20200331"
}
