{
	"Modality": "MR",
	"MagneticFieldStrength": 3,
	"ImagingFrequency": 127.764,
	"Manufacturer": "GE",
	"ManufacturersModelName": "DISCOVERY_MR750",
	"InstitutionName": "NCKU",
	"DeviceSerialNumber": "00000000GEMRGEMR",
	"StationName": "GEMRGEMR",
	"PatientPosition": "HFS",
	"SoftwareVersions": "24_LX_MR_Software_release:DV24.0_R01_1344.a",
	"MRAcquisitionType": "3D",
	"SeriesDescription": "Sag_FSPGR_BRAVO_ASSET",
	"ProtocolName": "Sag_FSPGR_BRAVO_ASSET",
	"ScanningSequence": "GR",
	"SequenceVariant": "SS_SK",
	"ScanOptions": "FAST_GEMS_EDR_GEMS_ACC_GEMS",
	"ImageType": ["ORIGINAL", "PRIMARY", "OTHER"],
	"SeriesNumber": 3,
	"AcquisitionTime": "12:17:7.000000",
	"AcquisitionNumber": 1,
	"SliceThickness": 1,
	"SpacingBetweenSlices": 1,
	"SAR": 0.218565,
	"EchoTime": 0.002928,
	"RepetitionTime": 0.007644,
	"InversionTime": 0.45,
	"FlipAngle": 12,
	"CoilString": "8HRBRAIN",
	"PercentPhaseFOV": 100,
	"AcquisitionMatrixPE": 224,
	"ReconMatrixPE": 256,
	"PixelBandwidth": 244.141,
	"ImageOrientationPatientDICOM": [
		0.0250507,
		0.999515,
		-0.0185208,
		0.0653005,
		-0.0201231,
		-0.997663	],
	"InPlanePhaseEncodingDirectionDICOM": "ROW",
	"ConversionSoftware": "dcm2niix",
	"ConversionSoftwareVersion": "v1.0.20181125  Clang8.1.0"
}
